GIT
  remote: git://github.com/mimosa/kaminari.git
  revision: 34a94f6daa414be124f2dab3a09f929a123f3353
  specs:
    kaminari (0.13.0)
      actionpack (>= 3.0.0)
      activesupport (>= 3.0.0)

GIT
  remote: git://github.com/padrino/padrino-framework.git
  revision: 962eaa78407eaa285df4e0bf219e6361bf9cd983
  specs:
    padrino (0.10.7)
      padrino-admin (= 0.10.7)
      padrino-cache (= 0.10.7)
      padrino-core (= 0.10.7)
      padrino-gen (= 0.10.7)
      padrino-helpers (= 0.10.7)
      padrino-mailer (= 0.10.7)
    padrino-admin (0.10.7)
      padrino-core (= 0.10.7)
      padrino-helpers (= 0.10.7)
    padrino-cache (0.10.7)
      padrino-core (= 0.10.7)
    padrino-core (0.10.7)
      activesupport (~> 3.2.0)
      http_router (~> 0.10.2)
      sinatra (~> 1.3.1)
      thor (~> 0.15.2)
      tilt (~> 1.3.0)
    padrino-gen (0.10.7)
      bundler (~> 1.0)
      padrino-core (= 0.10.7)
    padrino-helpers (0.10.7)
      i18n (~> 0.6)
      padrino-core (= 0.10.7)
    padrino-mailer (0.10.7)
      mail (~> 2.3.0)
      padrino-core (= 0.10.7)

GEM
  remote: http://rubygems.org/
  remote: http://ruby.taobao.org/
  specs:
    actionpack (3.2.9)
      activemodel (= 3.2.9)
      activesupport (= 3.2.9)
      builder (~> 3.0.0)
      erubis (~> 2.7.0)
      journey (~> 1.0.4)
      rack (~> 1.4.0)
      rack-cache (~> 1.2)
      rack-test (~> 0.6.1)
      sprockets (~> 2.2.1)
    activemodel (3.2.9)
      activesupport (= 3.2.9)
      builder (~> 3.0.0)
    activesupport (3.2.9)
      i18n (~> 0.6)
      multi_json (~> 1.0)
    addressable (2.2.8)
    backports (2.6.5)
    bouncy-castle-java (1.5.0146.1)
    builder (3.0.4)
    celluloid (0.12.3)
      facter (>= 1.6.12)
      timers (>= 1.0.0)
    childprocess (0.3.6)
      ffi (~> 1.0, >= 1.0.6)
    choice (0.1.6)
    connection_pool (0.9.2)
    daemons (1.1.9)
    dm-active_model (1.2.1)
      activemodel (~> 3.0)
      dm-core (~> 1.2.0)
    dm-core (1.2.0)
      addressable (~> 2.2.6)
    erubis (2.7.0)
    eventmachine (1.0.0)
    facter (1.6.14)
    ffi (1.2.0)
    ffi (1.2.0-java)
    grape (0.2.2)
      activesupport
      hashie (~> 1.2)
      multi_json (>= 1.3.2)
      multi_xml
      rack
      rack-accept
      rack-mount
      virtus
    hashie (1.2.0)
    hike (1.2.1)
    http_router (0.10.2)
      rack (>= 1.0.0)
      url_mount (~> 0.2.1)
    i18n (0.6.1)
    journey (1.0.4)
    jruby-jars (1.7.0)
    jruby-openssl (0.7.7)
      bouncy-castle-java (>= 1.5.0146.1)
    jruby-rack (1.1.10)
    mail (2.3.3)
      i18n (>= 0.4.0)
      mime-types (~> 1.16)
      treetop (~> 1.4.8)
    mime-types (1.19)
    mini_magick (3.4)
      subexec (~> 0.2.1)
    mizuno (0.6.4)
      childprocess (>= 0.2.6)
      choice (>= 0.1.0)
      ffi (>= 1.0.0)
      rack (>= 1.0.0)
    mongoid (3.0.14)
      activemodel (~> 3.1)
      moped (~> 1.1)
      origin (~> 1.0)
      tzinfo (~> 0.3.22)
    mongoid_auto_increment_id (0.5.0)
      mongoid (~> 3.0.0.rc)
    moped (1.3.0)
    multi_json (1.3.7)
    multi_xml (0.5.1)
    nestful (0.0.8)
      activesupport (>= 3.0.0.beta)
    nokogiri (1.5.5)
    nokogiri (1.5.5-java)
    origin (1.0.11)
    polyglot (0.3.3)
    rack (1.4.1)
    rack-accept (0.4.5)
      rack (>= 0.4)
    rack-cache (1.2)
      rack (>= 0.4)
    rack-mount (0.8.3)
      rack (>= 1.0.0)
    rack-protection (1.2.0)
      rack
    rack-test (0.6.2)
      rack (>= 1.0)
    rake (0.9.5)
    redis (3.0.2)
    redis-namespace (1.2.1)
      redis (~> 3.0.0)
    redis-objects (0.6.1)
      redis (>= 3.0.2)
    rubyzip (0.9.9)
    rufus-scheduler (2.0.17)
      tzinfo (>= 0.3.23)
    sidekiq (2.5.4)
      celluloid (~> 0.12.0)
      connection_pool (~> 0.9.2)
      multi_json (~> 1)
      redis (~> 3)
      redis-namespace
    sidekiq-scheduler (0.4.0)
      redis (>= 2.0.1)
      rufus-scheduler (~> 2.0)
      sidekiq (~> 2.0)
    sinatra (1.3.3)
      rack (~> 1.3, >= 1.3.6)
      rack-protection (~> 1.2)
      tilt (~> 1.3, >= 1.3.3)
    sinatra-flash (0.3.0)
      sinatra (>= 1.0.0)
    slim (1.3.4)
      temple (~> 0.5.5)
      tilt (~> 1.3.3)
    sprockets (2.2.2)
      hike (~> 1.2)
      multi_json (~> 1.0)
      rack (~> 1.0)
      tilt (~> 1.1, != 1.3.0)
    subexec (0.2.2)
    temple (0.5.5)
    thin (1.5.0)
      daemons (>= 1.0.9)
      eventmachine (>= 0.12.6)
      rack (>= 1.0.0)
    thor (0.15.4)
    tilt (1.3.3)
    timers (1.0.1)
    treetop (1.4.12)
      polyglot
      polyglot (>= 0.3.1)
    tzinfo (0.3.35)
    url_mount (0.2.1)
      rack
    virtus (0.5.2)
      backports (~> 2.6.1)
    warbler (1.3.6)
      jruby-jars (>= 1.4.0)
      jruby-rack (>= 1.0.0)
      rake (>= 0.8.7)
      rubyzip (>= 0.9.4)
    yajl-ruby (1.1.0)

PLATFORMS
  java
  ruby

DEPENDENCIES
  dm-active_model
  erubis (~> 2.7.0)
  grape
  jruby-openssl
  jruby-rack
  kaminari!
  mini_magick
  mizuno
  mongoid (~> 3.0.0)
  mongoid_auto_increment_id (~> 0.5.0)
  nestful
  nokogiri
  origin
  padrino!
  rake
  redis-objects
  sidekiq
  sidekiq-scheduler
  sinatra-flash
  slim
  thin
  warbler
  yajl-ruby
